PATH
  remote: .
  specs:
    sebes_git_prepush (0.0.3)

GEM
  remote: https://rubygems.org/
  specs:
    rake (13.2.1)

PLATFORMS
  ruby
  x86_64-linux

DEPENDENCIES
  rake (~> 13.0)
  sebes_git_prepush!

BUNDLED WITH
   2.5.11
